{
  "TaskName": "Visual Imagery",
  "TaskDescription": "Participants' visual imagery : animals",
  "SamplingFrequency": 1000,
  "SoftwareFiltersApplied": "n/a",
  "EEGChannelCount": 32,
  "EOGChannelCount": 0,
  "ECGChannelCount": 0,
  "EMGChannelCount": 0,
  "EEGReference": "CPz",
  "EEGGround": "Fpz",
  "PowerLineFrequency": 50,
  "EEGPlacementScheme": "10-10 system",
  "ElectrodeFile": "electrodes.tsv",
  "ElectrodeManufacturer": "Neuracle",
  "ElectrodeManufacturersModelName": "NeuSenW32",
  "RecordingType": "continuous",
  "RecordingDuration": 2373.999,
  "SoftwareFilters": "n/a"
}